GEM
  remote: https://rubygems.org/
  specs:
    a (0.2.8)
    a0 (0.1.0)

PLATFORMS
  ruby

DEPENDENCIES
  a
  a0

BUNDLED WITH
   1.17.3
