GEM
  remote: https://rubygems.org/
  specs:
    a0 (0.1.0)
    a1412tk_bmi (0.0.3)

PLATFORMS
  ruby

DEPENDENCIES
  a0
  a1412tk_bmi

BUNDLED WITH
   1.17.2
